GIT
  remote: git://github.com/opal/opal.git
  revision: bfe44ad2eecdf79a02cf62b46917984236ba593a
  specs:
    opal (0.7.0.rc1)
      hike (~> 1.2)
      sourcemap (~> 0.1.0)
      sprockets (>= 2.2.3, < 4.0.0)
      tilt (~> 1.4)

PATH
  remote: .
  specs:
    opal-actionpack (0.0.5)
      opal (>= 0.5.0, < 1.0.0)

GEM
  remote: https://rubygems.org/
  specs:
    diff-lcs (1.2.5)
    hike (1.2.3)
    multi_json (1.10.1)
    opal-rspec (0.4.0.beta4)
      opal (~> 0.7.0.beta1)
    rack (1.6.0)
    rake (10.1.0)
    rspec (2.14.1)
      rspec-core (~> 2.14.0)
      rspec-expectations (~> 2.14.0)
      rspec-mocks (~> 2.14.0)
    rspec-core (2.14.7)
    rspec-expectations (2.14.4)
      diff-lcs (>= 1.1.3, < 2.0)
    rspec-mocks (2.14.4)
    sourcemap (0.1.1)
    sprockets (2.12.3)
      hike (~> 1.2)
      multi_json (~> 1.0)
      rack (~> 1.0)
      tilt (~> 1.1, != 1.3.0)
    tilt (1.4.1)

PLATFORMS
  ruby

DEPENDENCIES
  opal!
  opal-actionpack!
  opal-rspec (= 0.4.0.beta4)
  rake
  rspec
