PATH
  remote: ../opal-activesupport
  specs:
    opal-activesupport (0.3.0)
      opal (>= 0.5.0, < 1.0.0)

PATH
  remote: ../opal-semanticlogger
  specs:
    opal-semanticlogger (0.0.1)
      opal (>= 0.5.0, < 1.0.0)

PATH
  remote: .
  specs:
    opal-actionpack (0.0.5)
      opal (>= 0.5.0, < 1.0.0)
      opal-activerecord (>= 0.0.1, < 1.0.0)
      opal-activesupport (>= 0.3.0, < 1.0.0)
      opal-semanticlogger (>= 0.0.1, < 1.0.0)

GEM
  remote: https://rubygems.org/
  specs:
    activesupport (4.2.7.1)
      i18n (~> 0.7)
      json (~> 1.7, >= 1.7.7)
      minitest (~> 5.1)
      thread_safe (~> 0.3, >= 0.3.4)
      tzinfo (~> 1.1)
    concurrent-ruby (1.0.0)
    diff-lcs (1.2.5)
    hike (1.2.3)
    i18n (0.7.0)
    json (1.8.6)
    minitest (5.10.1)
    opal (0.8.1)
      hike (~> 1.2)
      sourcemap (~> 0.1.0)
      sprockets (~> 3.1)
      tilt (>= 1.4)
    opal-activerecord (0.0.1)
      opal (>= 0.5.0, < 1.0.0)
    opal-rspec (0.5.0)
      opal (>= 0.8.0, < 0.10)
    rack (1.6.4)
    rake (10.1.0)
    rspec (2.14.1)
      rspec-core (~> 2.14.0)
      rspec-expectations (~> 2.14.0)
      rspec-mocks (~> 2.14.0)
    rspec-core (2.14.7)
    rspec-expectations (2.14.4)
      diff-lcs (>= 1.1.3, < 2.0)
    rspec-mocks (2.14.4)
    semantic_logger (3.4.1)
      concurrent-ruby (~> 1.0)
    sourcemap (0.1.1)
    sprockets (3.5.2)
      concurrent-ruby (~> 1.0)
      rack (> 1, < 3)
    thread_safe (0.3.5)
    tilt (2.0.2)
    tzinfo (1.2.2)
      thread_safe (~> 0.1)

PLATFORMS
  ruby

DEPENDENCIES
  activesupport
  opal (= 0.8.1)
  opal-actionpack!
  opal-activesupport!
  opal-rspec
  opal-semanticlogger!
  rake
  rspec
  semantic_logger

BUNDLED WITH
   1.13.7
